GIT
  remote: git://github.com/adambeynon/opal-router.git
  revision: bc8c242510794ecbb842b52423732f2ec55c2a1e
  specs:
    opal-router (0.0.1)
      opal (>= 0.3.44)

GIT
  remote: git://github.com/opal/opal-haml.git
  revision: ca3d7339098dc115c0cedb9f1aeccd1f7187dd71
  specs:
    opal-haml (0.4.1)
      haml
      opal (>= 0.5.0, < 1.0.0)

GEM
  remote: https://rubygems.org/
  specs:
    eventmachine (1.0.8)
    fssm (0.2.10)
    haml (4.0.7)
      tilt
    hike (1.2.3)
    opal (0.8.1)
      hike (~> 1.2)
      sourcemap (~> 0.1.0)
      sprockets (~> 3.1)
      tilt (>= 1.4)
    opal-browser (0.2.0)
      opal
      paggio
    paggio (0.2.5)
    rack (1.6.4)
    redcarpet (3.3.3)
    sourcemap (0.1.1)
    sprockets (3.4.1)
      rack (> 1, < 3)
    tilt (2.0.1)
    unindent (1.0)

PLATFORMS
  ruby

DEPENDENCIES
  eventmachine
  fssm
  opal-browser
  opal-haml!
  opal-router!
  redcarpet
  unindent

BUNDLED WITH
   1.10.6
