GIT
  remote: git://github.com/adambeynon/opal-router.git
  revision: bc8c242510794ecbb842b52423732f2ec55c2a1e
  specs:
    opal-router (0.0.1)
      opal (>= 0.3.44)

GIT
  remote: git://github.com/opal/opal-haml.git
  revision: ca3d7339098dc115c0cedb9f1aeccd1f7187dd71
  specs:
    opal-haml (0.4.1)
      haml
      opal (>= 0.5.0, < 1.0.0)

GIT
  remote: git://github.com/youchan/hyalite.git
  revision: a2fdfbb214ce0c8fd4bcc19f5dcdba1087462843
  specs:
    hyalite (0.0.2)
      opal
      opal-browser

PATH
  remote: .
  specs:
    hyaslide (0.1.0)
      eventmachine
      fssm
      rack (= 1.6.4)
      redcarpet
      rouge
      unindent

GEM
  remote: https://rubygems.org/
  specs:
    concurrent-ruby (1.0.2)
    diff-lcs (1.2.5)
    eventmachine (1.2.0.1)
    fssm (0.2.10)
    haml (4.0.7)
      tilt
    hike (1.2.3)
    opal (0.10.1)
      hike (~> 1.2)
      sourcemap (~> 0.1.0)
      sprockets (~> 3.1)
      tilt (>= 1.4)
    opal-browser (0.2.0)
      opal
      paggio
    paggio (0.2.6)
    rack (1.6.4)
    rake (10.5.0)
    redcarpet (3.3.4)
    rouge (1.10.1)
    rspec (3.5.0)
      rspec-core (~> 3.5.0)
      rspec-expectations (~> 3.5.0)
      rspec-mocks (~> 3.5.0)
    rspec-core (3.5.3)
      rspec-support (~> 3.5.0)
    rspec-expectations (3.5.0)
      diff-lcs (>= 1.2.0, < 2.0)
      rspec-support (~> 3.5.0)
    rspec-mocks (3.5.0)
      diff-lcs (>= 1.2.0, < 2.0)
      rspec-support (~> 3.5.0)
    rspec-support (3.5.0)
    sourcemap (0.1.1)
    sprockets (3.7.0)
      concurrent-ruby (~> 1.0)
      rack (> 1, < 3)
    tilt (2.0.5)
    unindent (1.0)

PLATFORMS
  ruby

DEPENDENCIES
  bundler (~> 1.11)
  eventmachine
  fssm
  hyalite!
  hyaslide!
  opal-browser
  opal-haml!
  opal-router!
  rake (~> 10.0)
  redcarpet
  rouge (~> 1.10.1)
  rspec (~> 3.0)
  unindent

BUNDLED WITH
   1.12.5
