PATH
  remote: .
  specs:
    hyaslide (0.6.0)
      eventmachine
      fssm
      haml
      rack (~> 1.6)
      redcarpet
      rouge (~> 1.10)
      sass
      sinatra
      sinatra-contrib
      sinatra-websocket
      thin
      thor
      unindent

GEM
  remote: https://rubygems.org/
  specs:
    addressable (2.5.0)
      public_suffix (~> 2.0, >= 2.0.2)
    backports (3.6.8)
    daemons (1.2.4)
    diff-lcs (1.2.5)
    em-websocket (0.3.8)
      addressable (>= 2.1.1)
      eventmachine (>= 0.12.9)
    eventmachine (1.2.1)
    fssm (0.2.10)
    haml (4.0.7)
      tilt
    multi_json (1.12.1)
    public_suffix (2.0.4)
    rack (1.6.5)
    rack-protection (1.5.3)
      rack
    rack-test (0.6.3)
      rack (>= 1.0)
    rake (10.5.0)
    redcarpet (3.3.4)
    rouge (1.11.1)
    rspec (3.5.0)
      rspec-core (~> 3.5.0)
      rspec-expectations (~> 3.5.0)
      rspec-mocks (~> 3.5.0)
    rspec-core (3.5.3)
      rspec-support (~> 3.5.0)
    rspec-expectations (3.5.0)
      diff-lcs (>= 1.2.0, < 2.0)
      rspec-support (~> 3.5.0)
    rspec-mocks (3.5.0)
      diff-lcs (>= 1.2.0, < 2.0)
      rspec-support (~> 3.5.0)
    rspec-support (3.5.0)
    sass (3.4.22)
    sinatra (1.4.7)
      rack (~> 1.5)
      rack-protection (~> 1.4)
      tilt (>= 1.3, < 3)
    sinatra-contrib (1.4.7)
      backports (>= 2.0)
      multi_json
      rack-protection
      rack-test
      sinatra (~> 1.4.0)
      tilt (>= 1.3, < 3)
    sinatra-websocket (0.3.1)
      em-websocket (~> 0.3.6)
      eventmachine
      thin (>= 1.3.1, < 2.0.0)
    thin (1.7.0)
      daemons (~> 1.0, >= 1.0.9)
      eventmachine (~> 1.0, >= 1.0.4)
      rack (>= 1, < 3)
    thor (0.19.1)
    tilt (2.0.5)
    unindent (1.0)

PLATFORMS
  ruby

DEPENDENCIES
  bundler (~> 1.11)
  hyaslide!
  rake (~> 10.0)
  rspec (~> 3.0)

BUNDLED WITH
   1.13.6
